GEM
  specs:

GEM
  remote: https://rubygems.org/
  specs:
    faraday (1.0.0)
      multipart-post (>= 1.2, < 3)
    faraday_middleware (1.0.0.rc1)
      faraday (~> 1.0)
    hashie (3.6.0)
    json (2.6.2)
    multipart-post (2.2.0)
    mustermann (2.0.2)
      ruby2_keywords (~> 0.0.1)
    rack (2.2.3.1)
    rack-protection (2.2.3)
      rack
    restforce (3.2.1)
      faraday (>= 0.9.0, <= 1.0)
      faraday_middleware (>= 0.8.8, < 1.0)
      hashie (>= 1.2.0, < 4.0)
      json (>= 1.7.5)
    ruby2_keywords (0.0.5)
    sinatra (2.2.3)
      mustermann (~> 2.0)
      rack (~> 2.2)
      rack-protection (= 2.2.3)
      tilt (~> 2.0)
    tilt (2.0.11)

PLATFORMS
  x86_64-darwin-20
  x86_64-linux

DEPENDENCIES
  rack (= 2.2.3.1)!
  restforce (~> 3.1)!
  sinatra (~> 2.2)!

RUBY VERSION
   ruby 3.0.0p0

BUNDLED WITH
   2.2.3
