GEM
  remote: https://rubygems.org/
  specs:
    faraday (0.15.4)
      multipart-post (>= 1.2, < 3)
    faraday_middleware (0.12.2)
      faraday (>= 0.7.4, < 1.0)
    hashie (3.6.0)
    json (2.1.0)
    multipart-post (2.0.0)
    mustermann (1.0.3)
    rack (2.1.4)
    rack-protection (2.0.4)
      rack
    restforce (3.1.0)
      faraday (>= 0.9.0, <= 1.0)
      faraday_middleware (>= 0.8.8, <= 1.0)
      hashie (>= 1.2.0, < 4.0)
      json (>= 1.7.5)
    sinatra (2.0.4)
      mustermann (~> 1.0)
      rack (~> 2.0)
      rack-protection (= 2.0.4)
      tilt (~> 2.0)
    tilt (2.0.9)

PLATFORMS
  ruby

DEPENDENCIES
  rack (>= 2.0.8)!
  restforce (~> 3.1)!
  sinatra (~> 2.0, >= 2.0.4)!

RUBY VERSION
   ruby 2.6.1p33

BUNDLED WITH
   1.17.3
